PATH
  remote: .
  specs:
    json2properties (0.0.2)
      activesupport (~> 3.0)
      java-properties (~> 0.2)

GEM
  remote: https://rubygems.org/
  specs:
    activesupport (3.2.22.5)
      i18n (~> 0.6, >= 0.6.4)
      multi_json (~> 1.0)
    i18n (0.7.0)
    java-properties (0.2.0)
    multi_json (1.12.1)

PLATFORMS
  ruby

DEPENDENCIES
  json2properties!

BUNDLED WITH
   1.13.6
